GIT
  remote: git://github.com/anjlab/bootstrap-rails.git
  revision: 5132d24e0e8614fbdce5c3c268fc6526406b9363
  specs:
    anjlab-bootstrap-rails (3.0.1.0)
      railties (>= 3.0)
      sass (>= 3.2)

GEM
  remote: https://rubygems.org/
  specs:
    actionmailer (4.0.1)
      actionpack (= 4.0.1)
      mail (~> 2.5.4)
    actionpack (4.0.1)
      activesupport (= 4.0.1)
      builder (~> 3.1.0)
      erubis (~> 2.7.0)
      rack (~> 1.5.2)
      rack-test (~> 0.6.2)
    activemodel (4.0.1)
      activesupport (= 4.0.1)
      builder (~> 3.1.0)
    activerecord (4.0.1)
      activemodel (= 4.0.1)
      activerecord-deprecated_finders (~> 1.0.2)
      activesupport (= 4.0.1)
      arel (~> 4.0.0)
    activerecord-deprecated_finders (1.0.3)
    activesupport (4.0.1)
      i18n (~> 0.6, >= 0.6.4)
      minitest (~> 4.2)
      multi_json (~> 1.3)
      thread_safe (~> 0.1)
      tzinfo (~> 0.3.37)
    arel (4.0.1)
    ast (1.1.0)
    atomic (1.1.14)
    awesome_print (1.2.0)
    bcrypt-ruby (3.1.2)
    better_errors (1.0.1)
      coderay (>= 1.0.0)
      erubis (>= 2.6.6)
    binding_of_caller (0.7.2)
      debug_inspector (>= 0.0.1)
    builder (3.1.4)
    capybara (2.1.0)
      mime-types (>= 1.16)
      nokogiri (>= 1.3.3)
      rack (>= 1.0.0)
      rack-test (>= 0.5.4)
      xpath (~> 2.0)
    childprocess (0.3.9)
      ffi (~> 1.0, >= 1.0.11)
    coderay (1.0.9)
    coffee-rails (4.0.1)
      coffee-script (>= 2.2.0)
      railties (>= 4.0.0, < 5.0)
    coffee-script (2.2.0)
      coffee-script-source
      execjs
    coffee-script-source (1.6.3)
    coveralls (0.7.0)
      multi_json (~> 1.3)
      rest-client
      simplecov (>= 0.7)
      term-ansicolor
      thor
    debug_inspector (0.0.2)
    diff-lcs (1.2.4)
    dotenv (0.9.0)
    erubis (2.7.0)
    execjs (2.0.2)
    factory_girl (4.2.0)
      activesupport (>= 3.0.0)
    factory_girl_rails (4.2.1)
      factory_girl (~> 4.2.0)
      railties (>= 3.0.0)
    faker (1.2.0)
      i18n (~> 0.5)
    ffi (1.9.3)
    font-awesome-rails (4.0.1.0)
      railties (>= 3.2, < 5.0)
    foreman (0.63.0)
      dotenv (>= 0.7)
      thor (>= 0.13.6)
    haml (4.0.3)
      tilt
    haml-rails (0.4)
      actionpack (>= 3.1, < 4.1)
      activesupport (>= 3.1, < 4.1)
      haml (>= 3.1, < 4.1)
      railties (>= 3.1, < 4.1)
    hike (1.2.3)
    i18n (0.6.5)
    jbuilder (1.5.2)
      activesupport (>= 3.0.0)
      multi_json (>= 1.2.0)
    jquery-rails (3.0.4)
      railties (>= 3.0, < 5.0)
      thor (>= 0.14, < 2.0)
    json (1.8.1)
    kgio (2.8.1)
    mail (2.5.4)
      mime-types (~> 1.16)
      treetop (~> 1.4.8)
    method_source (0.8.2)
    mime-types (1.25)
    mini_portile (0.5.2)
    minitest (4.7.5)
    multi_json (1.8.2)
    nokogiri (1.6.0)
      mini_portile (~> 0.5.0)
    parser (2.0.0)
      ast (~> 1.1)
      slop (~> 3.4, >= 3.4.5)
    pg (0.17.0)
    polyglot (0.3.3)
    powerpack (0.0.9)
    pry (0.9.12.2)
      coderay (~> 1.0.5)
      method_source (~> 0.8)
      slop (~> 3.4)
    pry-rails (0.3.2)
      pry (>= 0.9.10)
    rack (1.5.2)
    rack-test (0.6.2)
      rack (>= 1.0)
    rails (4.0.1)
      actionmailer (= 4.0.1)
      actionpack (= 4.0.1)
      activerecord (= 4.0.1)
      activesupport (= 4.0.1)
      bundler (>= 1.3.0, < 2.0)
      railties (= 4.0.1)
      sprockets-rails (~> 2.0.0)
    rails_12factor (0.0.2)
      rails_serve_static_assets
      rails_stdout_logging
    rails_serve_static_assets (0.0.1)
    rails_stdout_logging (0.0.3)
    railties (4.0.1)
      actionpack (= 4.0.1)
      activesupport (= 4.0.1)
      rake (>= 0.8.7)
      thor (>= 0.18.1, < 2.0)
    rainbow (1.1.4)
    raindrops (0.12.0)
    rake (10.1.0)
    rest-client (1.6.7)
      mime-types (>= 1.16)
    rspec-core (2.14.7)
    rspec-expectations (2.14.3)
      diff-lcs (>= 1.1.3, < 2.0)
    rspec-mocks (2.14.4)
    rspec-rails (2.14.0)
      actionpack (>= 3.0)
      activesupport (>= 3.0)
      railties (>= 3.0)
      rspec-core (~> 2.14.0)
      rspec-expectations (~> 2.14.0)
      rspec-mocks (~> 2.14.0)
    rubocop (0.14.1)
      parser (~> 2.0)
      powerpack (~> 0.0.6)
      rainbow (>= 1.1.4)
    rubyzip (1.0.0)
    sass (3.2.12)
    sass-rails (4.0.1)
      railties (>= 4.0.0, < 5.0)
      sass (>= 3.1.10)
      sprockets-rails (~> 2.0.0)
    selenium-webdriver (2.37.0)
      childprocess (>= 0.2.5)
      multi_json (~> 1.0)
      rubyzip (~> 1.0.0)
      websocket (~> 1.0.4)
    simplecov (0.7.1)
      multi_json (~> 1.0)
      simplecov-html (~> 0.7.1)
    simplecov-html (0.7.1)
    slop (3.4.6)
    sprockets (2.10.0)
      hike (~> 1.2)
      multi_json (~> 1.0)
      rack (~> 1.0)
      tilt (~> 1.1, != 1.3.0)
    sprockets-rails (2.0.1)
      actionpack (>= 3.0)
      activesupport (>= 3.0)
      sprockets (~> 2.8)
    term-ansicolor (1.2.2)
      tins (~> 0.8)
    thor (0.18.1)
    thread_safe (0.1.3)
      atomic
    tilt (1.4.1)
    tins (0.12.0)
    treetop (1.4.15)
      polyglot
      polyglot (>= 0.3.1)
    turbolinks (1.3.0)
      coffee-rails
    tzinfo (0.3.38)
    uglifier (2.3.0)
      execjs (>= 0.3.0)
      json (>= 1.8.0)
    unicorn (4.6.3)
      kgio (~> 2.6)
      rack
      raindrops (~> 0.7)
    websocket (1.0.7)
    will_paginate (3.0.5)
    will_paginate-bootstrap (1.0.0)
      will_paginate (>= 3.0.3)
    xpath (2.0.0)
      nokogiri (~> 1.3)

PLATFORMS
  ruby

DEPENDENCIES
  anjlab-bootstrap-rails!
  awesome_print (~> 1.2.0)
  bcrypt-ruby (~> 3.1.2)
  better_errors (~> 1.0.1)
  binding_of_caller (~> 0.7.1)
  capybara (~> 2.1.0)
  coffee-rails (~> 4.0.1)
  coveralls (~> 0.7.0)
  factory_girl_rails (~> 4.2.1)
  faker (~> 1.2.0)
  font-awesome-rails (~> 4.0.1)
  foreman (~> 0.63.0)
  haml-rails (~> 0.4)
  jbuilder (~> 1.5.2)
  jquery-rails (~> 3.0.4)
  pg (~> 0.17.0)
  pry-rails (~> 0.3.2)
  rails (~> 4.0.1)
  rails_12factor
  rspec-rails (~> 2.14.0)
  rubocop (~> 0.14.1)
  sass-rails (~> 4.0.1)
  selenium-webdriver (~> 2.37.0)
  turbolinks (~> 1.3.0)
  uglifier (~> 2.3.0)
  unicorn (~> 4.6.3)
  will_paginate (~> 3.0.5)
  will_paginate-bootstrap (~> 1.0.0)
